GEM
  remote: https://rubygems.org/
  specs:
    addressable (2.3.8)
    fastimage (1.9.0)
      addressable (~> 2.3.5)
    multi_json (1.12.1)
    powerpoint (1.8)
      fastimage (~> 1)
      rubyzip (~> 1)
    rubyzip (1.2.0)
    streamio-ffmpeg (2.0.0)
      multi_json (~> 1.8)

PLATFORMS
  ruby

DEPENDENCIES
  powerpoint
  streamio-ffmpeg

BUNDLED WITH
   1.12.5
